GEM
  remote: https://rubygems.org/
  specs:
    ansi (1.4.3)
    builder (3.2.2)
    minitest (5.4.2)
    minitest-reporters (1.0.5)
      ansi
      builder
      minitest (>= 5.0)
      ruby-progressbar
    ruby-progressbar (1.6.0)

PLATFORMS
  ruby

DEPENDENCIES
  minitest (~> 5.4.2)
  minitest-reporters (~> 1.0.5)
